PATH
  remote: .
  specs:
    sndacs (0.0.1)
      proxies (~> 0.2.0)

GEM
  remote: http://rubygems.org/
  specs:
    diff-lcs (1.1.3)
    metaclass (0.0.1)
    mocha (0.10.5)
      metaclass (~> 0.0.1)
    proxies (0.2.1)
    rspec (2.9.0)
      rspec-core (~> 2.9.0)
      rspec-expectations (~> 2.9.0)
      rspec-mocks (~> 2.9.0)
    rspec-core (2.9.0)
    rspec-expectations (2.9.0)
      diff-lcs (~> 1.1.3)
    rspec-mocks (2.9.0)

PLATFORMS
  ruby

DEPENDENCIES
  bundler (>= 1.0.0)
  mocha
  rspec (~> 2.0)
  sndacs!
